GIT
  remote: git@github.com:rightscale/right_api_objects.git
  revision: fd5dbcd43d8a6b0ea62530d5d710591223754eec
  tag: v0.1.1
  specs:
    right_api_objects (0.1.1)
      ipaddress (~> 0.8.0)
      json (~> 1.7.7)
      right_api_client (~> 1.5.9)

GIT
  remote: git@github.com:rightscale/virtualmonkey.git
  revision: 0a9e923b91e2f12ce5d92d3a88eb354bdc331113
  branch: release2.5
  specs:
    virtualmonkey (2.5.0)
      ZenTest (= 4.8.2)
      algorithms (= 0.5.0)
      colorize (= 0.5.8)
      eventmachine (= 0.12.10)
      file-tail (= 1.0.12)
      fog (= 1.12.0)
      highline (= 1.6.15)
      i18n (= 0.6.1)
      json (= 1.7.7)
      mime-types (= 1.25)
      rest-client (= 1.6.7)
      rest_connection (= 1.0.11)
      right_api_client (= 1.5.9)
      right_api_objects
      right_popen (= 1.0.11)
      ruby_parser (= 2.3.1)
      sourcify (= 0.6.0.rc4)
      terminal-table (= 1.4.5)
      trollop (= 2.0)

GEM
  remote: https://rubygems.org/
  specs:
    ZenTest (4.8.2)
    activesupport (3.2.13)
      i18n (= 0.6.1)
      multi_json (~> 1.0)
    algorithms (0.5.0)
    builder (3.2.2)
    colorize (0.5.8)
    columnize (0.3.6)
    eventmachine (0.12.10)
    excon (0.22.1)
    file-tail (1.0.12)
      tins (~> 0.5)
    fog (1.12.0)
      builder
      excon (~> 0.22.1)
      formatador (~> 0.2.0)
      mime-types
      multi_json (~> 1.0)
      net-scp (~> 1.1)
      net-ssh (>= 2.1.3)
      nokogiri (~> 1.5.0)
      ruby-hmac
    formatador (0.2.4)
    highline (1.6.15)
    i18n (0.6.1)
    ipaddress (0.8.0)
    json (1.7.7)
    linecache (0.46)
      rbx-require-relative (> 0.0.4)
    mime-types (1.25)
    multi_json (1.8.2)
    net-scp (1.1.2)
      net-ssh (>= 2.6.5)
    net-ssh (2.7.0)
    nokogiri (1.5.10)
    rake (10.1.0)
    rbx-require-relative (0.0.9)
    rest-client (1.6.7)
      mime-types (>= 1.16)
    rest_connection (1.0.11)
      activesupport (< 4.0.0)
      highline
      json
      net-ssh
      nokogiri (< 1.6.0)
      rest-client
    right_api_client (1.5.9)
      json
      rest-client (= 1.6.7)
    right_popen (1.0.11)
      eventmachine (>= 0.12.10)
    ruby-debug (0.10.4)
      columnize (>= 0.1)
      ruby-debug-base (~> 0.10.4.0)
    ruby-debug-base (0.10.4)
      linecache (>= 0.3)
    ruby-hmac (0.4.0)
    ruby2ruby (1.3.1)
      ruby_parser (~> 2.0)
      sexp_processor (~> 3.0)
    ruby_parser (2.3.1)
      sexp_processor (~> 3.0)
    sexp_processor (3.2.0)
    sourcify (0.6.0.rc4)
      file-tail (~> 1.0.10)
      ruby2ruby (~> 1.3.1)
      ruby_parser (~> 2.3.1)
      sexp_processor (~> 3.2.0)
    terminal-table (1.4.5)
    tins (0.13.1)
    trollop (2.0)

PLATFORMS
  ruby

DEPENDENCIES
  mime-types (~> 1.0)
  rake
  right_api_objects!
  ruby-debug
  virtualmonkey!
