GIT
  remote: git@github.com:rightscale/virtualmonkey.git
  revision: a8be9e582051d8649830800d172874b454bf290c
  branch: master
  specs:
    virtualmonkey (0.4.0)
      ParseTree
      algorithms
      algorithms
      bundler
      bundler
      colorize
      colorize
      eventmachine (= 0.12.10)
      eventmachine (= 0.12.10)
      fog
      fog (>= 1.0)
      highline
      highline
      i18n
      json
      json
      rest-client
      rest_connection (>= 0.1)
      rest_connection (>= 0.1)
      right_popen (= 1.0.11)
      right_popen (= 1.0.11)
      rspec
      ruby-debug
      ruby-debug
      ruby2ruby (~> 1.3.1)
      trollop
      trollop

GEM
  remote: http://rubygems.org/
  specs:
    ParseTree (3.0.9)
      RubyInline (~> 3.9.0)
      sexp_processor (~> 3.2.0)
    RubyInline (3.9.0)
      ZenTest (~> 4.3)
    ZenTest (4.8.2)
    activesupport (3.2.12)
      i18n (~> 0.6)
      multi_json (~> 1.0)
    algorithms (0.6.1)
    builder (3.2.0)
    colorize (0.5.8)
    columnize (0.3.6)
    diff-lcs (1.2.4)
    eventmachine (0.12.10)
    excon (0.21.0)
    fog (1.11.1)
      builder
      excon (~> 0.20)
      formatador (~> 0.2.0)
      json (~> 1.7)
      mime-types
      net-scp (~> 1.1)
      net-ssh (>= 2.1.3)
      nokogiri (~> 1.5.0)
      ruby-hmac
    formatador (0.2.4)
    highline (1.6.18)
    i18n (0.6.4)
    json (1.7.7)
    linecache (0.46)
      rbx-require-relative (> 0.0.4)
    mime-types (1.23)
    multi_json (1.7.3)
    net-scp (1.1.0)
      net-ssh (>= 2.6.5)
    net-ssh (2.6.7)
    nokogiri (1.5.9)
    rbx-require-relative (0.0.9)
    rest-client (1.6.7)
      mime-types (>= 1.16)
    rest_connection (1.0.6)
      activesupport
      highline
      json
      net-ssh
      nokogiri
      rest-client
    right_popen (1.0.11)
      eventmachine (>= 0.12.10)
    rspec (2.13.0)
      rspec-core (~> 2.13.0)
      rspec-expectations (~> 2.13.0)
      rspec-mocks (~> 2.13.0)
    rspec-core (2.13.1)
    rspec-expectations (2.13.0)
      diff-lcs (>= 1.1.3, < 2.0)
    rspec-mocks (2.13.1)
    ruby-debug (0.10.4)
      columnize (>= 0.1)
      ruby-debug-base (~> 0.10.4.0)
    ruby-debug-base (0.10.4)
      linecache (>= 0.3)
    ruby-hmac (0.4.0)
    ruby2ruby (1.3.1)
      ruby_parser (~> 2.0)
      sexp_processor (~> 3.0)
    ruby_parser (2.3.1)
      sexp_processor (~> 3.0)
    sexp_processor (3.2.0)
    trollop (2.0)

PLATFORMS
  ruby

DEPENDENCIES
  virtualmonkey!
