GIT
  remote: git@github.com:rightscale/right_image_builder
  revision: 49892487f5c1fd9b61a113e9c842adacb6ac7a82
  branch: ivory_14_07_acu159250_convert_base_builds
  specs:
    image_builder (0.1.0)
      activesupport (~> 3.0)
      amazon-ec2
      eventmachine (= 1.0.1)
      highline (= 1.6.8)
      image_builder
      jeweler
      json (= 1.4.6)
      mime-types (< 2.0)
      nokogiri (= 1.5.11)
      rake
      rest_connection
      right_agent (~> 0.10)
      right_api_client
      right_aws
      right_http_connection
      right_popen
      right_rackspace (= 0.0.0.2)
      rightimage_tools

GIT
  remote: git@github.com:rightscale/rightimage_tools
  revision: c1d690e445e12fc3a9520d8cde0011fb24578bf5
  branch: master
  specs:
    rightimage_tools (0.7.0)
      fog
      json
      memoize
      rake
      rest_connection
      right_api_client
      right_aws
      trollop

GEM
  remote: https://rubygems.org/
  specs:
    activesupport (3.2.17)
      i18n (~> 0.6, >= 0.6.4)
      multi_json (~> 1.0)
    amazon-ec2 (0.9.17)
      xml-simple (>= 1.0.12)
    builder (3.2.2)
    eventmachine (1.0.1)
    excon (0.32.1)
    fog (1.21.0)
      fog-brightbox
      fog-core (~> 1.21, >= 1.21.1)
      fog-json
      nokogiri (~> 1.5, >= 1.5.11)
    fog-brightbox (0.0.1)
      fog-core
      fog-json
    fog-core (1.21.1)
      builder
      excon (~> 0.32)
      formatador (~> 0.2.0)
      mime-types
      net-scp (~> 1.1)
      net-ssh (>= 2.1.3)
    fog-json (1.0.0)
      multi_json (~> 1.0)
    formatador (0.2.4)
    git (1.2.6)
    highline (1.6.8)
    i18n (0.6.9)
    jeweler (1.8.4)
      bundler (~> 1.0)
      git (>= 1.2.5)
      rake
      rdoc
    json (1.4.6)
    memoize (1.3.1)
    mime-types (1.25.1)
    msgpack (0.5.8)
    multi_json (1.9.2)
    net-http-persistent (2.9.4)
    net-scp (1.1.2)
      net-ssh (>= 2.6.5)
    net-ssh (2.8.0)
    netrc (0.7.7)
    nokogiri (1.5.11)
    rake (10.2.2)
    rdoc (4.1.1)
      json (~> 1.4)
    rest-client (1.7.0.1)
      mime-types (>= 1.16)
      net-http-persistent
      netrc (~> 0.7.7)
    rest_connection (1.0.11)
      activesupport (< 4.0.0)
      highline
      json
      net-ssh
      nokogiri (< 1.6.0)
      rest-client
    right_agent (0.17.2)
      eventmachine (>= 0.12.10, < 2.0)
      json (>= 1.4, <= 1.7.6)
      msgpack (>= 0.4.4, < 0.6)
      net-ssh (~> 2.0)
      right_amqp (~> 0.7)
      right_support (>= 2.4.1, < 3.0)
    right_amqp (0.7.0)
      eventmachine (>= 0.12.10, < 2.0)
      right_support (>= 1.2, < 3.0)
    right_api_client (1.5.16)
      json (~> 1.0)
      mime-types (~> 1.0)
      rest-client (~> 1.6)
    right_aws (3.1.0)
      right_http_connection (>= 1.2.5)
    right_http_connection (1.4.0)
    right_popen (2.0.2)
    right_rackspace (0.0.0.2)
    right_support (2.8.20)
    trollop (2.0)
    xml-simple (1.1.3)

PLATFORMS
  ruby

DEPENDENCIES
  image_builder!
  mime-types (< 2.0)
  nokogiri (< 1.6)
  rightimage_tools!
