GIT
  remote: git@github.com:rightscale/right_image_builder
  revision: 22f4888194f3858895c91ab220a8330771b1a1fd
  branch: master
  specs:
    image_builder (0.1.0)
      activesupport (~> 3.0)
      amazon-ec2
      eventmachine (= 1.0.1)
      highline (= 1.6.8)
      image_builder
      jeweler
      json (= 1.4.6)
      mime-types (< 2.0)
      nokogiri (= 1.5.11)
      rake
      rest_connection
      right_agent (~> 0.10)
      right_api_client
      right_aws
      right_http_connection
      right_popen
      right_rackspace (= 0.0.0.2)
      rightimage_tools

GIT
  remote: git@github.com:rightscale/rightimage_tools
  revision: c9ad7576ceff5416d337351eaa72af5798a41d29
  branch: master
  specs:
    rightimage_tools (0.7.4)
      fog
      json
      memoize
      rake
      rest_connection
      right_api_client
      right_aws
      trollop

GEM
  remote: https://rubygems.org/
  remote: http://s3.amazonaws.com/rightscale_rightlink_gems_dev/
  specs:
    CFPropertyList (2.3.0)
    activesupport (3.2.21)
      i18n (~> 0.6, >= 0.6.4)
      multi_json (~> 1.0)
    amazon-ec2 (0.9.17)
      xml-simple (>= 1.0.12)
    builder (3.2.2)
    eventmachine (1.0.1)
    excon (0.43.0)
    fission (0.5.0)
      CFPropertyList (~> 2.2)
    fog (1.27.0)
      fog-atmos
      fog-aws (~> 0.0)
      fog-brightbox (~> 0.4)
      fog-core (~> 1.27, >= 1.27.3)
      fog-ecloud
      fog-json
      fog-profitbricks
      fog-radosgw (>= 0.0.2)
      fog-sakuracloud (>= 0.0.4)
      fog-serverlove
      fog-softlayer
      fog-storm_on_demand
      fog-terremark
      fog-vmfusion
      fog-voxel
      fog-xml (~> 0.1.1)
      ipaddress (~> 0.5)
      nokogiri (~> 1.5, >= 1.5.11)
    fog-atmos (0.1.0)
      fog-core
      fog-xml
    fog-aws (0.0.6)
      fog-core (~> 1.27)
      fog-json (~> 1.0)
      fog-xml (~> 0.1)
      ipaddress (~> 0.8)
    fog-brightbox (0.7.1)
      fog-core (~> 1.22)
      fog-json
      inflecto (~> 0.0.2)
    fog-core (1.27.3)
      builder
      excon (~> 0.38)
      formatador (~> 0.2)
      mime-types
      net-scp (~> 1.1)
      net-ssh (>= 2.1.3)
    fog-ecloud (0.0.2)
      fog-core
      fog-xml
    fog-json (1.0.0)
      multi_json (~> 1.0)
    fog-profitbricks (0.0.1)
      fog-core
      fog-xml
      nokogiri
    fog-radosgw (0.0.3)
      fog-core (>= 1.21.0)
      fog-json
      fog-xml (>= 0.0.1)
    fog-sakuracloud (0.1.1)
      fog-core
      fog-json
    fog-serverlove (0.1.1)
      fog-core
      fog-json
    fog-softlayer (0.3.28)
      fog-core (>= 1.27.3)
      fog-json
    fog-storm_on_demand (0.1.0)
      fog-core
      fog-json
    fog-terremark (0.0.3)
      fog-core
      fog-xml
    fog-vmfusion (0.0.1)
      fission
      fog-core
    fog-voxel (0.0.2)
      fog-core
      fog-xml
    fog-xml (0.1.1)
      fog-core
      nokogiri (~> 1.5, >= 1.5.11)
    formatador (0.2.5)
    git (1.2.9)
    highline (1.6.8)
    i18n (0.7.0)
    inflecto (0.0.2)
    ipaddress (0.8.0)
    jeweler (1.8.4)
      bundler (~> 1.0)
      git (>= 1.2.5)
      rake
      rdoc
    json (1.4.6)
    memoize (1.3.1)
    mime-types (1.25.1)
    msgpack (0.5.10)
    multi_json (1.10.1)
    net-scp (1.2.1)
      net-ssh (>= 2.6.5)
    net-ssh (2.9.2)
    netrc (0.10.2)
    nokogiri (1.5.11)
    rake (10.4.2)
    rdoc (4.2.0)
      json (~> 1.4)
    rest-client (1.7.2)
      mime-types (>= 1.16, < 3.0)
      netrc (~> 0.7)
    rest_connection (1.0.16)
      activesupport
      highline
      json
      net-ssh
      nokogiri
      rest-client
    right_agent (0.17.2)
      eventmachine (>= 0.12.10, < 2.0)
      json (>= 1.4, <= 1.7.6)
      msgpack (>= 0.4.4, < 0.6)
      net-ssh (~> 2.0)
      right_amqp (~> 0.7)
      right_support (>= 2.4.1, < 3.0)
    right_amqp (0.8.6)
      eventmachine (>= 0.12.10, < 2.0)
      right_support (>= 1.2, < 3.0)
    right_api_client (1.5.25)
      json (~> 1.0)
      mime-types (~> 1.0)
      rest-client (~> 1.6)
    right_aws (3.1.0)
      right_http_connection (>= 1.2.5)
    right_http_connection (1.5.0)
    right_popen (2.0.2)
    right_rackspace (0.0.0.2)
    right_support (2.8.38)
    trollop (2.1.1)
    xml-simple (1.1.4)

PLATFORMS
  ruby

DEPENDENCIES
  image_builder!
  mime-types (< 2.0)
  nokogiri (< 1.6)
  rightimage_tools!
